GEM
  remote: http://rubygems.org/
  specs:
    git (1.2.5)
    httparty (0.8.2)
      multi_json
      multi_xml
    jeweler (1.8.3)
      bundler (~> 1.0)
      git (>= 1.2.5)
      rake
      rdoc
    json (1.6.6)
    multi_json (1.2.0)
    multi_xml (0.4.2)
    rake (0.9.2.2)
    rdoc (3.12)
      json (~> 1.4)

PLATFORMS
  ruby

DEPENDENCIES
  bundler (>= 1.0.0)
  httparty
  jeweler (~> 1.8.3)
  rdoc (~> 3.12)
